GEM
  specs:
    builder (2.1.2)
    rack (1.2.1)
    sinatra (1.0)
      rack (>= 1.0)

PLATFORMS
  ruby

DEPENDENCIES
  builder
  sinatra (= 1.0)
